GEM
  remote: https://rubygems.org/
  specs:
    command (1.0.0)
    configatron (4.5.0)
    diff-lcs (1.2.5)
    docile (1.1.5)
    facets (3.0.0)
    highline (1.7.3)
    json (2.0.3)
    rake (10.4.2)
    rspec (3.3.0)
      rspec-core (~> 3.3.0)
      rspec-expectations (~> 3.3.0)
      rspec-mocks (~> 3.3.0)
    rspec-core (3.3.2)
      rspec-support (~> 3.3.0)
    rspec-expectations (3.3.1)
      diff-lcs (>= 1.2.0, < 2.0)
      rspec-support (~> 3.3.0)
    rspec-mocks (3.3.2)
      diff-lcs (>= 1.2.0, < 2.0)
      rspec-support (~> 3.3.0)
    rspec-support (3.3.0)
    settingslogic (2.0.9)
    simplecov (0.12.0)
      docile (~> 1.1.0)
      json (>= 1.8, < 3)
      simplecov-html (~> 0.10.0)
    simplecov-html (0.10.0)
    trollop (2.1.2)
    unicode (0.4.4.2)

PLATFORMS
  ruby

DEPENDENCIES
  command
  configatron
  facets
  highline
  rake
  rspec
  settingslogic (~> 2.0, >= 2.0.9)
  simplecov
  trollop
  unicode

BUNDLED WITH
   1.13.7
