GEM
  remote: https://rubygems.org/
  specs:
    configatron (4.5.0)
    diff-lcs (1.2.5)
    facets (3.0.0)
    highline (1.7.2)
    rspec (3.3.0)
      rspec-core (~> 3.3.0)
      rspec-expectations (~> 3.3.0)
      rspec-mocks (~> 3.3.0)
    rspec-core (3.3.2)
      rspec-support (~> 3.3.0)
    rspec-expectations (3.3.1)
      diff-lcs (>= 1.2.0, < 2.0)
      rspec-support (~> 3.3.0)
    rspec-mocks (3.3.2)
      diff-lcs (>= 1.2.0, < 2.0)
      rspec-support (~> 3.3.0)
    rspec-support (3.3.0)
    trollop (2.1.2)

PLATFORMS
  ruby

DEPENDENCIES
  configatron
  facets
  highline
  rspec
  trollop

BUNDLED WITH
   1.10.6
